GEM
  remote: https://rubygems.org/
  specs:
    pg (0.18.2)
    rack (1.6.1)
    rack-protection (1.5.3)
      rack
    sequel (4.23.0)
    sinatra (1.4.6)
      rack (~> 1.4)
      rack-protection (~> 1.4)
      tilt (>= 1.3, < 3)
    sqlite3 (1.3.10)
    tilt (2.0.1)

PLATFORMS
  ruby

DEPENDENCIES
  pg
  sequel
  sinatra
  sqlite3

BUNDLED WITH
   1.10.3
